GEM
  remote: https://rubygems.org/
  specs:
    shale (0.9.0)

PLATFORMS
  x86_64-linux

DEPENDENCIES
  shale

BUNDLED WITH
   2.3.26
